GEM
  remote: http://rubygems.org/
  specs:
    color (1.4.2)
    ffi (1.9.3)
    libusb (0.4.0)
      ffi (>= 1.0)

PLATFORMS
  ruby

DEPENDENCIES
  color
  libusb
